PATH
  remote: .
  specs:
    appium_failure_helper (1.3.0)
      appium_lib (~> 10.0)
      nokogiri (~> 1.15)

GEM
  remote: https://rubygems.org/
  specs:
    appium_lib (10.6.0)
      appium_lib_core (~> 3.3)
      nokogiri (~> 1.8, >= 1.8.1)
      tomlrb (~> 1.1)
    appium_lib_core (3.11.1)
      faye-websocket (~> 0.11.0)
      selenium-webdriver (~> 3.14, >= 3.14.1)
    base64 (0.3.0)
    cgi (0.5.0)
    childprocess (3.0.0)
    date (3.4.1)
    diff-lcs (1.6.2)
    erb (4.0.4)
      cgi (>= 0.3.3)
    eventmachine (1.2.7)
    faye-websocket (0.11.4)
      eventmachine (>= 0.12.0)
      websocket-driver (>= 0.5.1, < 0.8.0)
    io-console (0.8.1)
    irb (1.15.2)
      pp (>= 0.6.0)
      rdoc (>= 4.0.0)
      reline (>= 0.4.2)
    nokogiri (1.18.10-x64-mingw-ucrt)
      racc (~> 1.4)
    pp (0.6.2)
      prettyprint
    prettyprint (0.2.0)
    psych (5.2.6)
      date
      stringio
    racc (1.8.1)
    rake (13.3.0)
    rdoc (6.14.2)
      erb
      psych (>= 4.0.0)
    reline (0.6.2)
      io-console (~> 0.5)
    rspec (3.13.1)
      rspec-core (~> 3.13.0)
      rspec-expectations (~> 3.13.0)
      rspec-mocks (~> 3.13.0)
    rspec-core (3.13.5)
      rspec-support (~> 3.13.0)
    rspec-expectations (3.13.5)
      diff-lcs (>= 1.2.0, < 2.0)
      rspec-support (~> 3.13.0)
    rspec-mocks (3.13.5)
      diff-lcs (>= 1.2.0, < 2.0)
      rspec-support (~> 3.13.0)
    rspec-support (3.13.6)
    rubyzip (3.1.0)
    selenium-webdriver (3.142.7)
      childprocess (>= 0.5, < 4.0)
      rubyzip (>= 1.2.2)
    stringio (3.1.7)
    tomlrb (1.3.0)
    websocket-driver (0.7.7)
      base64
      websocket-extensions (>= 0.1.0)
    websocket-extensions (0.1.5)

PLATFORMS
  x64-mingw-ucrt

DEPENDENCIES
  appium_failure_helper!
  bundler (~> 2.0)
  irb
  rake (~> 13.0)
  rspec (~> 3.0)

BUNDLED WITH
   2.6.8
